GEM
  remote: http://rubygems.org/
  specs:
    thor (0.15.3)

PLATFORMS
  ruby

DEPENDENCIES
  thor
